GEM
  remote: https://rubygems.org/
  specs:
    activemodel (4.0.2)
      activesupport (= 4.0.2)
      builder (~> 3.1.0)
    activerecord (4.0.2)
      activemodel (= 4.0.2)
      activerecord-deprecated_finders (~> 1.0.2)
      activesupport (= 4.0.2)
      arel (~> 4.0.0)
    activerecord-deprecated_finders (1.0.3)
    activesupport (4.0.2)
      i18n (~> 0.6, >= 0.6.4)
      minitest (~> 4.2)
      multi_json (~> 1.3)
      thread_safe (~> 0.1)
      tzinfo (~> 0.3.37)
    arel (4.0.1)
    atomic (1.1.14)
    builder (3.1.4)
    daemons (1.1.9)
    eventmachine (1.0.3)
    httparty (0.12.0)
      json (~> 1.8)
      multi_xml (>= 0.5.2)
    i18n (0.6.9)
    json (1.8.1)
    metaclass (0.0.1)
    minitest (4.7.5)
    mocha (0.14.0)
      metaclass (~> 0.0.1)
    multi_json (1.8.2)
    multi_xml (0.5.5)
    mysql2 (0.3.14)
    rack (1.5.2)
    rack-protection (1.5.1)
      rack
    rack-test (0.6.2)
      rack (>= 1.0)
    sinatra (1.4.4)
      rack (~> 1.4)
      rack-protection (~> 1.4)
      tilt (~> 1.3, >= 1.3.4)
    sinatra-activerecord (1.2.3)
      activerecord (>= 3.0)
      sinatra (~> 1.0)
    thin (1.6.1)
      daemons (>= 1.0.9)
      eventmachine (>= 1.0.0)
      rack (>= 1.0.0)
    thread_safe (0.1.3)
      atomic
    tilt (1.4.1)
    tzinfo (0.3.38)

PLATFORMS
  ruby

DEPENDENCIES
  activerecord
  httparty
  mocha
  mysql2
  rack-test
  sinatra
  sinatra-activerecord
  thin
